RESTRICTION: || (== net45) (== net452)
NUGET
  remote: https://www.nuget.org/api/v2
    AvalonEdit (5.0.4)
    Castle.Core (4.3.1)
    ControlzEx (3.0.2.4)
    Dragablz (0.0.3.203)
    MahApps.Metro (1.6.5)
      ControlzEx (>= 3.0.2.4 < 4.0)
    Microsoft.NETCore.Platforms (2.1.1) - restriction: == net45
    Moq (4.9)
      Castle.Core (>= 4.3.1)
      System.Threading.Tasks.Extensions (>= 4.3)
      System.ValueTuple (>= 4.4)
    NETStandard.Library (2.0.3) - restriction: == net45
      Microsoft.NETCore.Platforms (>= 1.1)
      System.Runtime.InteropServices.RuntimeInformation (>= 4.3)
    NSubstitute (2.0.3)
    RhinoMocks (3.6.1)
    Shouldly (2.8.3)
    ShowMeTheXAML (1.0.12)
    ShowMeTheXAML.AvalonEdit (1.0.12)
      AvalonEdit (>= 5.0.4 < 5.1)
      ShowMeTheXAML (>= 1.0.12 < 1.1)
    ShowMeTheXAML.MSBuild (1.0.12)
      ShowMeTheXAML (>= 1.0.12 < 1.1)
    System.Runtime.CompilerServices.Unsafe (4.5.1)
    System.Runtime.InteropServices.RuntimeInformation (4.3) - restriction: == net45
    System.Threading.Tasks.Extensions (4.5.1)
      System.Runtime.CompilerServices.Unsafe (>= 4.5)
    System.ValueTuple (4.5)
    xunit (2.4)
      xunit.analyzers (>= 0.10)
      xunit.assert (2.4)
      xunit.core (2.4)
    xunit.abstractions (2.0.2)
    xunit.analyzers (0.10)
    xunit.assert (2.4)
      NETStandard.Library (>= 1.6.1) - restriction: == net45
    xunit.core (2.4)
      xunit.extensibility.core (2.4)
      xunit.extensibility.execution (2.4)
    xunit.extensibility.core (2.4)
      NETStandard.Library (>= 1.6.1) - restriction: == net45
      xunit.abstractions (>= 2.0.2)
    xunit.extensibility.execution (2.4)
      NETStandard.Library (>= 1.6.1) - restriction: == net45
      xunit.extensibility.core (2.4)
    xunit.runner.visualstudio (2.4)
    Xunit.StaFact (0.3.18)
      xunit.extensibility.execution (>= 2.1) - restriction: == net45
      xunit.extensibility.execution (>= 2.4) - restriction: || (&& (== net45) (>= net452)) (== net452)
GITHUB
  remote: ControlzEx/ControlzEx
    src/ControlzEx/BadgedEx.cs (e641c9e9346d7ae8c21ca1bf7fa5fb1b86496baa)
    src/ControlzEx/PackIconBase.cs (e641c9e9346d7ae8c21ca1bf7fa5fb1b86496baa)
    src/ControlzEx/PopupEx.cs (e641c9e9346d7ae8c21ca1bf7fa5fb1b86496baa)
  remote: samueldjack/VirtualCollection
    VirtualCollection/VirtualCollection/VirtualizingWrapPanel.cs (e63d891c252c2ac1a3ebb26dddb9a3d89effe3f2)